GEM
  remote: http://rubygems.org/
  specs:
    aws-sdk (1.2.0)
      httparty (~> 0.7)
      json (~> 1.4)
      nokogiri (>= 1.4.4)
      uuidtools (~> 2.1)
    daemons (1.1.4)
    eventmachine (0.12.10)
    haml (3.1.3)
    httparty (0.8.1)
      multi_json
      multi_xml
    json (1.5.3)
    multi_json (1.0.3)
    multi_xml (0.4.1)
    nokogiri (1.5.0)
    rack (1.2.3)
    sinatra (1.2.6)
      rack (~> 1.1)
      tilt (>= 1.2.2, < 2.0)
    thin (1.2.11)
      daemons (>= 1.0.9)
      eventmachine (>= 0.12.6)
      rack (>= 1.0.0)
    tilt (1.3.3)
    uuidtools (2.1.2)

PLATFORMS
  ruby

DEPENDENCIES
  aws-sdk
  haml
  json
  sinatra
  thin
